PATH
  remote: .
  specs:
    graph (0.1.0)

GEM
  remote: https://rubygems.org/
  specs:
    rake (10.4.2)

PLATFORMS
  x86-mingw32

DEPENDENCIES
  bundler (~> 1.17)
  graph!
  rake (~> 10.0)

BUNDLED WITH
   1.17.1
